GEM
  remote: https://rubygems.org/
  specs:
    coderay (1.1.0)
    method_source (0.8.2)
    opengl-bindings (1.6.2)
    pry (0.10.1)
      coderay (~> 1.1.0)
      method_source (~> 0.8.1)
      slop (~> 3.4)
    ruby-sdl2 (0.3.1)
    slop (3.6.0)

PLATFORMS
  ruby

DEPENDENCIES
  opengl-bindings
  pry
  ruby-sdl2

BUNDLED WITH
   1.14.6
